GEM
  remote: https://rubygems.org/
  specs:
    jekyll-clean-dark (0.1.3)

PLATFORMS
  ruby

DEPENDENCIES
  jekyll-clean-dark

BUNDLED WITH
   1.16.2
